PATH
  remote: .
  specs:
    rails_watchman (0.1.0)
      concurrent-ruby
      ruby-watchman

GEM
  remote: https://rubygems.org/
  specs:
    byebug (11.1.3)
    concurrent-ruby (1.1.9)
    minitest (5.14.4)
    rake (13.0.6)
    ruby-watchman (0.0.2)

PLATFORMS
  x86_64-linux

DEPENDENCIES
  byebug
  minitest (~> 5.0)
  rails_watchman!
  rake (~> 13.0)

BUNDLED WITH
   2.2.25
